GIT
  remote: git://github.com/guilleiguaran/sass-rails.git
  revision: 0393d9e1a6e4a776e61f16fb75f97971b9f4abd2
  branch: backport
  specs:
    sass-rails (4.0.1)
      railties (>= 3.2.0, < 5.0)
      sass (>= 3.2.0)
      sprockets-rails (~> 2.0.0.backport1)

GIT
  remote: git://github.com/jordoh/xss_terminate.git
  revision: 96b221810bcd504882e8225e5ba1c4dde6f5055e
  specs:
    xss_terminate (0.23)

GEM
  remote: https://rubygems.org/
  specs:
    actionmailer (3.2.18)
      actionpack (= 3.2.18)
      mail (~> 2.5.4)
    actionpack (3.2.18)
      activemodel (= 3.2.18)
      activesupport (= 3.2.18)
      builder (~> 3.0.0)
      erubis (~> 2.7.0)
      journey (~> 1.0.4)
      rack (~> 1.4.5)
      rack-cache (~> 1.2)
      rack-test (~> 0.6.1)
      sprockets (~> 2.2.1)
    activemodel (3.2.18)
      activesupport (= 3.2.18)
      builder (~> 3.0.0)
    activerecord (3.2.18)
      activemodel (= 3.2.18)
      activesupport (= 3.2.18)
      arel (~> 3.0.2)
      tzinfo (~> 0.3.29)
    activeresource (3.2.18)
      activemodel (= 3.2.18)
      activesupport (= 3.2.18)
    activesupport (3.2.18)
      i18n (~> 0.6, >= 0.6.4)
      multi_json (~> 1.0)
    annotate (2.6.5)
      activerecord (>= 2.3.0)
      rake (>= 0.8.7)
    arel (3.0.3)
    bootstrap-sass (3.2.0.1)
      sass (~> 3.2)
    builder (3.0.4)
    dynamic_form (1.1.4)
    erubis (2.7.0)
    execjs (2.2.1)
    hike (1.2.3)
    i18n (0.6.11)
    journey (1.0.4)
    json (1.8.1)
    mail (2.5.4)
      mime-types (~> 1.16)
      treetop (~> 1.4.8)
    mime-types (1.25.1)
    multi_json (1.10.1)
    mysql2 (0.3.16)
    polyglot (0.3.5)
    pothoven-attachment_fu (3.2.13)
    rack (1.4.5)
    rack-cache (1.2)
      rack (>= 0.4)
    rack-ssl (1.3.4)
      rack
    rack-test (0.6.2)
      rack (>= 1.0)
    rails (3.2.18)
      actionmailer (= 3.2.18)
      actionpack (= 3.2.18)
      activerecord (= 3.2.18)
      activeresource (= 3.2.18)
      activesupport (= 3.2.18)
      bundler (~> 1.0)
      railties (= 3.2.18)
    railties (3.2.18)
      actionpack (= 3.2.18)
      activesupport (= 3.2.18)
      rack-ssl (~> 1.3.2)
      rake (>= 0.8.7)
      rdoc (~> 3.4)
      thor (>= 0.14.6, < 2.0)
    rake (10.3.2)
    rdoc (3.12.2)
      json (~> 1.4)
    rmagick (2.13.2)
    sass (3.3.12)
    sprockets (2.2.2.backport2)
      hike (~> 1.2)
      multi_json (~> 1.0)
      rack (~> 1.0)
      tilt (~> 1.1, != 1.3.0)
    sprockets-rails (2.0.0.backport1)
      actionpack (>= 3.0)
      activesupport (>= 3.0)
      sprockets (~> 2.2.2.backport2)
    thor (0.19.1)
    tilt (1.4.1)
    treetop (1.4.15)
      polyglot
      polyglot (>= 0.3.1)
    tzinfo (0.3.40)
    uglifier (2.5.3)
      execjs (>= 0.3.0)
      json (>= 1.8.0)
    will_paginate (3.0.7)

PLATFORMS
  ruby

DEPENDENCIES
  annotate
  bootstrap-sass (~> 3.2.0)
  dynamic_form
  mysql2
  pothoven-attachment_fu (~> 3.2.13)
  rails (= 3.2.18)
  rmagick
  sass-rails!
  sprockets (= 2.2.2.backport2)
  sprockets-rails (= 2.0.0.backport1)
  uglifier (>= 1.0.3)
  will_paginate
  xss_terminate!
